GIT
  remote: https://github.com/celluloid/celluloid
  revision: 5a560561b49241fc84c3b414bb6652826ce8ea71
  ref: 5a56056
  specs:
    celluloid (0.16.0.pre)
      timers (~> 2.0.0)

GIT
  remote: https://github.com/final-ci/travis-support.git
  revision: 6ed312e112452497dc22ab73561f134ffaaa9f77
  specs:
    travis-support (0.0.1)

GIT
  remote: https://github.com/joshk/sshjr
  revision: 35c2fdf006295a1d2c1da77b81f39ac5deb89e9e
  specs:
    sshjr (0.1.0)

GIT
  remote: https://github.com/travis-ci/travis-build
  revision: 0b31cd208e462be54ada2fe45fe5b9c6f977f949
  specs:
    travis-build (0.0.1)

GEM
  remote: https://rubygems.org/
  specs:
    CFPropertyList (2.3.1)
    activesupport (3.2.21)
      i18n (~> 0.6, >= 0.6.4)
      multi_json (~> 1.0)
    addressable (2.3.8)
    akami (1.3.0)
      gyoku (>= 0.4.0)
      nokogiri
    amq-protocol (1.9.2)
    atomic (1.1.99)
    atomic (1.1.99-java)
    avl_tree (1.1.3)
    builder (3.2.2)
    bunny (1.7.0)
      amq-protocol (>= 1.9.2)
    coder (0.4.0)
    coderay (1.1.0)
    crack (0.4.2)
      safe_yaml (~> 1.0.0)
    diff-lcs (1.2.5)
    docile (1.1.5)
    docker-api (1.21.4)
      excon (>= 0.38.0)
      json
    excon (0.45.3)
    faraday (0.7.6)
      addressable (~> 2.2)
      multipart-post (~> 1.1)
      rack (~> 1.1)
    faraday_middleware (0.9.1)
      faraday (>= 0.7.4, < 0.10)
    ffi (1.9.8-java)
    fission (0.5.0)
      CFPropertyList (~> 2.2)
    fog (1.25.0)
      fog-brightbox (~> 0.4)
      fog-core (~> 1.25)
      fog-json
      fog-profitbricks
      fog-radosgw (>= 0.0.2)
      fog-sakuracloud (>= 0.0.4)
      fog-softlayer
      fog-terremark
      fog-vmfusion
      fog-voxel
      fog-xml (~> 0.1.1)
      ipaddress (~> 0.5)
      nokogiri (~> 1.5, >= 1.5.11)
      opennebula
    fog-brightbox (0.7.1)
      fog-core (~> 1.22)
      fog-json
      inflecto (~> 0.0.2)
    fog-core (1.30.0)
      builder
      excon (~> 0.45)
      formatador (~> 0.2)
      mime-types
      net-scp (~> 1.1)
      net-ssh (>= 2.1.3)
    fog-json (1.0.1)
      fog-core (~> 1.0)
      multi_json (~> 1.0)
    fog-profitbricks (0.0.2)
      fog-core
      fog-xml
      nokogiri
    fog-radosgw (0.0.4)
      fog-core (>= 1.21.0)
      fog-json
      fog-xml (>= 0.0.1)
    fog-sakuracloud (1.0.1)
      fog-core
      fog-json
    fog-softlayer (0.4.6)
      fog-core
      fog-json
    fog-terremark (0.1.0)
      fog-core
      fog-xml
    fog-vmfusion (0.1.0)
      fission
      fog-core
    fog-voxel (0.1.0)
      fog-core
      fog-xml
    fog-xml (0.1.2)
      fog-core
      nokogiri (~> 1.5, >= 1.5.11)
    formatador (0.2.5)
    gyoku (1.3.1)
      builder (>= 2.1.2)
    hashr (0.0.22)
    hitimes (1.2.2)
    hitimes (1.2.2-java)
    httpi (2.4.0)
      rack
    i18n (0.7.0)
    inflecto (0.0.2)
    ipaddress (0.8.0)
    json (1.8.2)
    json (1.8.2-java)
    macaddr (1.7.1)
      systemu (~> 2.6.2)
    march_hare (2.7.0-java)
    metaclass (0.0.4)
    method_source (0.8.2)
    metriks (0.9.9.5)
      atomic (~> 1.0)
      avl_tree (~> 1.1.2)
      hitimes (~> 1.1)
    mime-types (2.5)
    mini_portile (0.6.2)
    mocha (0.11.4)
      metaclass (~> 0.0.1)
    multi_json (1.2.0)
    multipart-post (1.2.0)
    net-scp (1.2.1)
      net-ssh (>= 2.6.5)
    net-ssh (2.9.2)
    nokogiri (1.6.6.2)
      mini_portile (~> 0.6.0)
    nokogiri (1.6.6.2-java)
    nori (2.6.0)
    opennebula (4.12.1)
      json
      nokogiri
      rbvmomi
    pry (0.10.1)
      coderay (~> 1.1.0)
      method_source (~> 0.8.1)
      slop (~> 3.4)
    pry (0.10.1-java)
      coderay (~> 1.1.0)
      method_source (~> 0.8.1)
      slop (~> 3.4)
      spoon (~> 0.0)
    rack (1.6.1)
    rake (0.9.6)
    rbvmomi (1.8.2)
      builder
      nokogiri (>= 1.4.1)
      trollop
    rspec (3.2.0)
      rspec-core (~> 3.2.0)
      rspec-expectations (~> 3.2.0)
      rspec-mocks (~> 3.2.0)
    rspec-core (3.2.3)
      rspec-support (~> 3.2.0)
    rspec-expectations (3.2.1)
      diff-lcs (>= 1.2.0, < 2.0)
      rspec-support (~> 3.2.0)
    rspec-mocks (3.2.1)
      diff-lcs (>= 1.2.0, < 2.0)
      rspec-support (~> 3.2.0)
    rspec-support (3.2.2)
    safe_yaml (1.0.4)
    savon (2.11.0)
      akami (~> 1.2)
      builder (>= 2.1.2)
      gyoku (~> 1.2)
      httpi (~> 2.3)
      nokogiri (>= 1.4.0)
      nori (~> 2.4)
      uuid (~> 2.3.7)
      wasabi (~> 3.4)
    sentry-raven (0.13.3)
      faraday (>= 0.7.6)
    simplecov (0.10.0)
      docile (~> 1.1.0)
      json (~> 1.8)
      simplecov-html (~> 0.10.0)
    simplecov-html (0.10.0)
    slop (3.6.0)
    spoon (0.0.4)
      ffi
    systemu (2.6.5)
    thor (0.19.1)
    timers (2.0.0)
      hitimes
    travis-saucelabs-api (0.0.3)
      faraday (~> 0.7)
      faraday_middleware (~> 0.9)
      thor (~> 0.14)
    trollop (2.1.2)
    uuid (2.3.7)
      macaddr (~> 1.0)
    wasabi (3.5.0)
      httpi (~> 2.0)
      nokogiri (>= 1.4.2)
    webmock (1.21.0)
      addressable (>= 2.3.6)
      crack (>= 0.3.2)

PLATFORMS
  java
  ruby

DEPENDENCIES
  activesupport (~> 3.2)
  bunny (~> 1.7.0)
  celluloid!
  coder
  docker-api
  faraday (~> 0.7.5)
  fog (~> 1.25.0)
  hashr (~> 0.0.18)
  json
  march_hare (= 2.7.0)
  metriks (= 0.9.9.5)
  mocha (~> 0.11.0)
  multi_json (~> 1.2.0)
  net-ssh (~> 2.9.0)
  nokogiri (~> 1.6.6.2)
  pry
  rake (~> 0.9.2)
  rspec
  savon (~> 2.11.0)
  sentry-raven
  simplecov (>= 0.4.0)
  sshjr!
  thor
  travis-build!
  travis-saucelabs-api (~> 0.0)
  travis-support!
  webmock
